PATH
  remote: .
  specs:
    richurls (0.6.1)
      addressable (~> 2)
      oj (~> 3)
      ox (~> 2)
      patron (~> 0.13)

GEM
  remote: https://rubygems.org/
  specs:
    addressable (2.7.0)
      public_suffix (>= 2.0.2, < 5.0)
    ast (2.4.2)
    diff-lcs (1.4.4)
    oj (3.11.8)
    ox (2.14.5)
    parallel (1.20.1)
    parser (3.0.0.0)
      ast (~> 2.4.1)
    patron (0.13.3)
    public_suffix (4.0.6)
    rainbow (3.0.0)
    redis (4.3.1)
    regexp_parser (2.1.1)
    rexml (3.2.5)
    rspec (3.10.0)
      rspec-core (~> 3.10.0)
      rspec-expectations (~> 3.10.0)
      rspec-mocks (~> 3.10.0)
    rspec-core (3.10.1)
      rspec-support (~> 3.10.0)
    rspec-expectations (3.10.1)
      diff-lcs (>= 1.2.0, < 2.0)
      rspec-support (~> 3.10.0)
    rspec-mocks (3.10.2)
      diff-lcs (>= 1.2.0, < 2.0)
      rspec-support (~> 3.10.0)
    rspec-support (3.10.2)
    rubocop (0.93.1)
      parallel (~> 1.10)
      parser (>= 2.7.1.5)
      rainbow (>= 2.2.2, < 4.0)
      regexp_parser (>= 1.8)
      rexml
      rubocop-ast (>= 0.6.0)
      ruby-progressbar (~> 1.7)
      unicode-display_width (>= 1.4.0, < 2.0)
    rubocop-ast (1.4.1)
      parser (>= 2.7.1.5)
    ruby-progressbar (1.11.0)
    unicode-display_width (1.7.0)

PLATFORMS
  ruby

DEPENDENCIES
  bundler (~> 2.1)
  redis (~> 4.1)
  richurls!
  rspec (~> 3.9)
  rubocop (~> 0.79)

BUNDLED WITH
   2.1.4
