PATH
  remote: .
  specs:
    richurls (0.5.3)
      addressable (~> 2)
      oj (~> 3)
      ox (~> 2)
      patron (~> 0.13)

GEM
  remote: https://rubygems.org/
  specs:
    addressable (2.7.0)
      public_suffix (>= 2.0.2, < 5.0)
    ast (2.4.0)
    diff-lcs (1.3)
    jaro_winkler (1.5.4)
    oj (3.10.6)
    ox (2.13.2)
    parallel (1.19.1)
    parser (2.7.1.1)
      ast (~> 2.4.0)
    patron (0.13.3)
    public_suffix (4.0.4)
    rainbow (3.0.0)
    redis (4.1.4)
    rexml (3.2.4)
    rspec (3.9.0)
      rspec-core (~> 3.9.0)
      rspec-expectations (~> 3.9.0)
      rspec-mocks (~> 3.9.0)
    rspec-core (3.9.1)
      rspec-support (~> 3.9.1)
    rspec-expectations (3.9.1)
      diff-lcs (>= 1.2.0, < 2.0)
      rspec-support (~> 3.9.0)
    rspec-mocks (3.9.1)
      diff-lcs (>= 1.2.0, < 2.0)
      rspec-support (~> 3.9.0)
    rspec-support (3.9.2)
    rubocop (0.82.0)
      jaro_winkler (~> 1.5.1)
      parallel (~> 1.10)
      parser (>= 2.7.0.1)
      rainbow (>= 2.2.2, < 4.0)
      rexml
      ruby-progressbar (~> 1.7)
      unicode-display_width (>= 1.4.0, < 2.0)
    ruby-progressbar (1.10.1)
    unicode-display_width (1.7.0)

PLATFORMS
  ruby

DEPENDENCIES
  bundler (~> 2.1)
  redis (~> 4.1)
  richurls!
  rspec (~> 3.9)
  rubocop (~> 0.79)

BUNDLED WITH
   2.1.4
